GEM
  remote: https://rubygems.org/
  specs:
    multi_json (1.12.1)
    oauth (0.5.1)
    terminal-table (1.7.3)
      unicode-display_width (~> 1.1.1)
    twitter-ads (1.1.0)
      multi_json (~> 1.11)
      oauth (~> 0.4)
    unicode-display_width (1.1.3)

PLATFORMS
  ruby

DEPENDENCIES
  terminal-table
  twitter-ads

BUNDLED WITH
   1.14.6
