GEM
  remote: https://rubygems.org/
  specs:
    multi_json (1.13.1)
    oauth (0.5.4)
    terminal-table (1.8.0)
      unicode-display_width (~> 1.1, >= 1.1.1)
    twitter-ads (2.0.0)
      multi_json (~> 1.11)
      oauth (~> 0.4)
    unicode-display_width (1.3.0)

PLATFORMS
  ruby

DEPENDENCIES
  terminal-table
  twitter-ads

BUNDLED WITH
   1.16.1
